GIT
  remote: git://github.com/calabash/luffa.git
  revision: 0d4210f0d840afcaf73c8e1bc1954ed1ccd7c393
  branch: develop
  specs:
    luffa (2.0.0)
      awesome_print (~> 1.2)
      json (~> 1.8)
      retriable (>= 1.3.3.1, < 2.1)
      thor (~> 0.19)

GIT
  remote: git://github.com/calabash/run_loop.git
  revision: be9b402989777befc1eb26fceca7ee5f4ffa5fae
  branch: develop
  specs:
    run_loop (2.1.1)
      CFPropertyList (~> 2.2)
      awesome_print (~> 1.2)
      command_runner_ng (>= 0.0.2)
      httpclient (~> 2.6)
      json (~> 1.8)
      thor (>= 0.18.1, < 1.0)

GEM
  remote: https://rubygems.org/
  specs:
    CFPropertyList (2.3.2)
    addressable (2.4.0)
    awesome_print (1.6.1)
    backports (3.6.8)
    command_runner_ng (0.1.0)
    ethon (0.9.0)
      ffi (>= 1.3.0)
    faraday (0.9.2)
      multipart-post (>= 1.2, < 3)
    faraday_middleware (0.10.0)
      faraday (>= 0.7.4, < 0.10)
    ffi (1.9.10)
    gh (0.14.0)
      addressable
      backports
      faraday (~> 0.8)
      multi_json (~> 1.0)
      net-http-persistent (>= 2.7)
      net-http-pipeline
    highline (1.7.8)
    httpclient (2.8.0)
    json (1.8.3)
    launchy (2.4.3)
      addressable (~> 2.3)
    multi_json (1.12.0)
    multipart-post (2.0.0)
    net-http-persistent (2.9.4)
    net-http-pipeline (1.0.1)
    pusher-client (0.6.2)
      json
      websocket (~> 1.0)
    retriable (2.0.2)
    rouge (1.10.1)
    thor (0.19.1)
    travis (1.8.2)
      backports
      faraday (~> 0.9)
      faraday_middleware (~> 0.9, >= 0.9.1)
      gh (~> 0.13)
      highline (~> 1.6)
      launchy (~> 2.1)
      pusher-client (~> 0.4)
      typhoeus (~> 0.6, >= 0.6.8)
    typhoeus (0.8.0)
      ethon (>= 0.8.0)
    websocket (1.2.3)
    xcpretty (0.2.2)
      rouge (~> 1.8)

PLATFORMS
  ruby

DEPENDENCIES
  luffa!
  retriable (~> 2.0)
  run_loop!
  travis (>= 1.8.1, < 2.0)
  xcpretty

BUNDLED WITH
   1.12.3
